GEM
  remote: http://rubygems.org/
  specs:
    builder (2.1.2)
    daemons (1.1.4)
    eventmachine (0.12.10)
    rack (1.1.0)
    rdiscount (1.6.3.2)
    thin (1.2.7)
      daemons (>= 1.0.9)
      eventmachine (>= 0.12.6)
      rack (>= 1.0.0)
    toto (0.4.9)
      builder
      rack
      rdiscount

PLATFORMS
  ruby

DEPENDENCIES
  thin
  toto
